PATH
  remote: .
  specs:
    ruby_shell (0.1.0)

GEM
  remote: https://rubygems.org/
  specs:

PLATFORMS
  x86_64-linux-gnu

DEPENDENCIES
  ruby_shell!

BUNDLED WITH
   2.4.20
